PATH
  remote: .
  specs:
    ws_discovery (0.0.3)
      builder
      eventmachine
      nokogiri
      nori (>= 2.0.0)
      semantic_logger
      uuid

GEM
  remote: https://rubygems.org/
  specs:
    builder (3.2.2)
    diff-lcs (1.2.5)
    docile (1.1.5)
    eventmachine (1.0.8)
    json (1.8.3)
    macaddr (1.7.1)
      systemu (~> 2.6.2)
    mini_portile (0.6.2)
    nokogiri (1.6.6.2)
      mini_portile (~> 0.6.0)
    nori (2.6.0)
    rake (10.4.2)
    rspec (3.3.0)
      rspec-core (~> 3.3.0)
      rspec-expectations (~> 3.3.0)
      rspec-mocks (~> 3.3.0)
    rspec-core (3.3.2)
      rspec-support (~> 3.3.0)
    rspec-expectations (3.3.1)
      diff-lcs (>= 1.2.0, < 2.0)
      rspec-support (~> 3.3.0)
    rspec-mocks (3.3.2)
      diff-lcs (>= 1.2.0, < 2.0)
      rspec-support (~> 3.3.0)
    rspec-support (3.3.0)
    semantic_logger (2.15.0)
      sync_attr (~> 2.0)
      thread_safe (~> 0.1)
    simplecov (0.10.0)
      docile (~> 1.1.0)
      json (~> 1.8)
      simplecov-html (~> 0.10.0)
    simplecov-html (0.10.0)
    simplecov-rcov (0.2.3)
      simplecov (>= 0.4.1)
    sync_attr (2.0.0)
    systemu (2.6.5)
    thread_safe (0.3.5)
    uuid (2.3.8)
      macaddr (~> 1.0)
    yard (0.8.7.6)

PLATFORMS
  ruby

DEPENDENCIES
  bundler (>= 1.0.21)
  rake
  rspec (>= 2.6)
  simplecov
  simplecov-rcov
  ws_discovery!
  yard (>= 0.7.2)

BUNDLED WITH
   1.10.6
